GEM
  specs:
    cpf_cnpj (0.5.0)

PLATFORMS
  arm64-darwin-20

DEPENDENCIES
  cpf_cnpj (~> 0.5.0)

BUNDLED WITH
   2.2.20
