GEM
  specs:
    cpf_cnpj (0.5.0)

PLATFORMS
  x86_64-linux

DEPENDENCIES
  cpf_cnpj (~> 0.5.0)

BUNDLED WITH
   2.2.25
